FRAMEWORK: >= NET45
NUGET
  remote: https://www.nuget.org/api/v2
  specs:
    Elasticsearch.Net (2.0.0-alpha2)
    NEST (2.0.0-alpha2)
      Elasticsearch.Net (>= 2.0.0-alpha2)
      Newtonsoft.Json (>= 8.0 < 9.0)
    Newtonsoft.Json (8.0.1)
    NFluent (1.3.1)
    xunit (2.0)
      xunit.assert (2.0)
      xunit.core (2.0)
    xunit.abstractions (2.0)
    xunit.assert (2.0)
    xunit.core (2.0)
      xunit.extensibility.core (2.0)
    xunit.extensibility.core (2.0)
      xunit.abstractions (2.0)
    xunit.runner.console (2.1)
    xunit.runner.visualstudio (2.1.0) - version_in_path: true
